PATH
  remote: .
  specs:
    multipass (1.4.0)

GEM
  remote: https://rubygems.org/
  specs:
    rake (10.3.2)

PLATFORMS
  ruby

DEPENDENCIES
  bundler (~> 1.6)
  multipass!
  rake (~> 10.0)
